PATH
  remote: .
  specs:
    rate_throttle_client (0.1.0)

GEM
  remote: https://rubygems.org/
  specs:
    m (1.5.1)
      method_source (>= 0.6.7)
      rake (>= 0.9.2.2)
    method_source (1.0.0)
    minitest (5.14.0)
    nio4r (2.5.2)
    puma (4.3.3)
      nio4r (~> 2.0)
    rake (12.3.3)
    timecop (0.9.1)
    wait_for_it (0.2.1)

PLATFORMS
  ruby

DEPENDENCIES
  m
  minitest (~> 5.0)
  puma
  rake (~> 12.0)
  rate_throttle_client!
  timecop
  wait_for_it

BUNDLED WITH
   2.1.4
